GIT
  remote: git@github.com:schof/shipstation-ruby.git
  revision: 2f652720b7fd535a21d9b624385081f490ee2d09
  specs:
    shipstation-ruby (0.0.1)
      awesome_print
      rash
      ruby_odata

GIT
  remote: git@github.com:visoft/ruby_odata.git
  revision: 56c301e9c5511df447128cc3f193d7ce6abdb68d
  specs:
    ruby_odata (0.1.5)
      activesupport (>= 3.0.0)
      addressable (>= 2.3.4)
      i18n (~> 0.6.0)
      nokogiri (>= 1.4.2)
      rest-client (>= 1.5.1)

GEM
  remote: https://rubygems.org/
  specs:
    active_support (3.0.0)
      activesupport (= 3.0.0)
    activesupport (3.0.0)
    addressable (2.3.5)
    awesome_print (1.2.0)
    coderay (1.1.0)
    hashie (2.0.5)
    i18n (0.6.9)
    method_source (0.8.2)
    mime-types (2.2)
    mini_portile (0.5.2)
    nokogiri (1.6.1)
      mini_portile (~> 0.5.0)
    pry (0.9.12.6)
      coderay (~> 1.0)
      method_source (~> 0.8)
      slop (~> 3.4)
    rack (1.5.2)
    rack-protection (1.5.2)
      rack
    rash (0.4.0)
      hashie (~> 2.0.0)
    rest-client (1.6.7)
      mime-types (>= 1.16)
    sinatra (1.4.4)
      rack (~> 1.4)
      rack-protection (~> 1.4)
      tilt (~> 1.3, >= 1.3.4)
    slop (3.5.0)
    tilt (1.4.1)

PLATFORMS
  ruby

DEPENDENCIES
  active_support
  pry
  ruby_odata!
  shipstation-ruby!
  sinatra
